PATH
  remote: .
  specs:
    no_nonsense_currency_converter (0.1.1)

GEM
  remote: https://rubygems.org/
  specs:
    rake (0.9.6)

PLATFORMS
  ruby

DEPENDENCIES
  bundler (~> 1.3)
  no_nonsense_currency_converter!
  rake

BUNDLED WITH
   1.10.5
